GEM
  remote: https://rubygems.org/
  specs:
    addressable (2.8.7)
      public_suffix (>= 2.0.2, < 7.0)
    bigdecimal (3.1.8)
    colorator (1.1.0)
    concurrent-ruby (1.3.4)
    em-websocket (0.5.3)
      eventmachine (>= 0.12.9)
      http_parser.rb (~> 0)
    eventmachine (1.2.7)
    faraday (2.10.1)
      faraday-net_http (>= 2.0, < 3.2)
      logger
    faraday-net_http (3.1.1)
      net-http
    ffi (1.17.0-x64-mingw-ucrt)
    ffi (1.17.0-x86_64-linux-gnu)
    forwardable-extended (2.6.0)
    google-protobuf (4.27.3-x64-mingw-ucrt)
      bigdecimal
      rake (>= 13)
    google-protobuf (4.27.3-x86_64-linux)
      bigdecimal
      rake (>= 13)
    http_parser.rb (0.8.0)
    i18n (1.14.5)
      concurrent-ruby (~> 1.0)
    jekyll (4.3.3)
      addressable (~> 2.4)
      colorator (~> 1.0)
      em-websocket (~> 0.5)
      i18n (~> 1.0)
      jekyll-sass-converter (>= 2.0, < 4.0)
      jekyll-watch (~> 2.0)
      kramdown (~> 2.3, >= 2.3.1)
      kramdown-parser-gfm (~> 1.0)
      liquid (~> 4.0)
      mercenary (>= 0.3.6, < 0.5)
      pathutil (~> 0.9)
      rouge (>= 3.0, < 5.0)
      safe_yaml (~> 1.0)
      terminal-table (>= 1.8, < 4.0)
      webrick (~> 1.7)
    jekyll-github-metadata (2.16.1)
      jekyll (>= 3.4, < 5.0)
      octokit (>= 4, < 7, != 4.4.0)
    jekyll-last-modified-at (1.3.2)
      jekyll (>= 3.7, < 5.0)
    jekyll-optional-front-matter (0.3.2)
      jekyll (>= 3.0, < 5.0)
    jekyll-redirect-from (0.16.0)
      jekyll (>= 3.3, < 5.0)
    jekyll-relative-links (0.7.0)
      jekyll (>= 3.3, < 5.0)
    jekyll-sass-converter (3.0.0)
      sass-embedded (~> 1.54)
    jekyll-seo-tag (2.8.0)
      jekyll (>= 3.8, < 5.0)
    jekyll-sitemap (1.4.0)
      jekyll (>= 3.7, < 5.0)
    jekyll-time-to-read (0.1.2)
      jekyll
    jekyll-toc (0.19.0)
      jekyll (>= 3.9)
      nokogiri (~> 1.12)
    jekyll-watch (2.2.1)
      listen (~> 3.0)
    kramdown (2.4.0)
      rexml
    kramdown-parser-gfm (1.1.0)
      kramdown (~> 2.0)
    liquid (4.0.4)
    listen (3.9.0)
      rb-fsevent (~> 0.10, >= 0.10.3)
      rb-inotify (~> 0.9, >= 0.9.10)
    logger (1.6.0)
    mercenary (0.4.0)
    net-http (0.4.1)
      uri
    nokogiri (1.16.7-x64-mingw-ucrt)
      racc (~> 1.4)
    nokogiri (1.16.7-x86_64-linux)
      racc (~> 1.4)
    octokit (6.1.1)
      faraday (>= 1, < 3)
      sawyer (~> 0.9)
    pathutil (0.16.2)
      forwardable-extended (~> 2.6)
    public_suffix (6.0.1)
    pygments.rb (3.0.0)
    racc (1.8.1)
    rake (13.2.1)
    rb-fsevent (0.11.2)
    rb-inotify (0.11.1)
      ffi (~> 1.0)
    rexml (3.3.5)
      strscan
    rouge (4.3.0)
    safe_yaml (1.0.5)
    sass-embedded (1.77.8-x64-mingw-ucrt)
      google-protobuf (~> 4.26)
    sass-embedded (1.77.8-x86_64-linux-gnu)
      google-protobuf (~> 4.26)
    sawyer (0.9.2)
      addressable (>= 2.3.5)
      faraday (>= 0.17.3, < 3)
    strscan (3.1.0)
    terminal-table (3.0.2)
      unicode-display_width (>= 1.1.1, < 3)
    unicode-display_width (2.5.0)
    uri (0.13.0)
    webrick (1.8.1)

PLATFORMS
  x64-mingw-ucrt
  x86_64-linux

DEPENDENCIES
  jekyll-github-metadata
  jekyll-last-modified-at
  jekyll-optional-front-matter
  jekyll-redirect-from
  jekyll-relative-links
  jekyll-seo-tag
  jekyll-sitemap
  jekyll-time-to-read
  jekyll-toc
  kramdown
  pygments.rb
  rouge

BUNDLED WITH
   2.5.17
